PATH
  remote: .
  specs:
    attrocity (0.0.1)
      hashie (~> 3.4)

GEM
  remote: https://rubygems.org/
  specs:
    diff-lcs (1.2.5)
    hashie (3.4.3)
    rake (10.4.2)
    rspec (3.4.0)
      rspec-core (~> 3.4.0)
      rspec-expectations (~> 3.4.0)
      rspec-mocks (~> 3.4.0)
    rspec-core (3.4.1)
      rspec-support (~> 3.4.0)
    rspec-expectations (3.4.0)
      diff-lcs (>= 1.2.0, < 2.0)
      rspec-support (~> 3.4.0)
    rspec-mocks (3.4.0)
      diff-lcs (>= 1.2.0, < 2.0)
      rspec-support (~> 3.4.0)
    rspec-support (3.4.1)

PLATFORMS
  ruby

DEPENDENCIES
  attrocity!
  bundler (~> 1.11)
  rake (~> 10.4)
  rspec (~> 3.4)

BUNDLED WITH
   1.11.2
